GEM
  remote: https://rubygems.org/
  specs:
    ruby-mpd (0.3.1)
    thor (0.19.1)

PLATFORMS
  ruby

DEPENDENCIES
  ruby-mpd
  thor
